PATH
  remote: .
  specs:
    ipa_reader (0.7.2)
      CFPropertyList (>= 2.1.1)
      rubyzip (>= 0.9.9)

GEM
  remote: https://rubygems.org/
  specs:
    CFPropertyList (2.3.2)
    rake (10.5.0)
    rubyzip (1.2.0)

PLATFORMS
  ruby

DEPENDENCIES
  bundler
  ipa_reader!
  rake

BUNDLED WITH
   1.11.2
